GEM
  remote: http://rubygems.org/
  specs:
    actionmailer (2.3.18)
      actionpack (= 2.3.18)
    actionpack (2.3.18)
      activesupport (= 2.3.18)
      rack (~> 1.1.0)
    activerecord (2.3.18)
      activesupport (= 2.3.18)
    activeresource (2.3.18)
      activesupport (= 2.3.18)
    activesupport (2.3.18)
    chunky_png (1.3.4)
    colored (1.2)
    hoe (3.13.1)
      rake (>= 0.8, < 11.0)
    mysql2 (0.2.23)
    rack (1.1.6)
    rails (2.3.18)
      actionmailer (= 2.3.18)
      actionpack (= 2.3.18)
      activerecord (= 2.3.18)
      activeresource (= 2.3.18)
      activesupport (= 2.3.18)
      rake (>= 0.8.3)
    rake (0.8.7)
    rspec (1.3.1)
    rspec-rails (1.3.3)
      rack (>= 1.0.0)
      rspec (= 1.3.1)
    test-unit (1.2.3)
      hoe (>= 1.5.1)

PLATFORMS
  ruby

DEPENDENCIES
  chunky_png
  colored
  mysql2 (= 0.2.23)
  rack (~> 1.1.6)
  rails (= 2.3.18)
  rake (= 0.8.7)
  rspec (= 1.3.1)
  rspec-rails (= 1.3.3)
  test-unit (= 1.2.3)

BUNDLED WITH
   1.10.6
